GEM
  remote: http://rubygems.org/
  specs:
    actionmailer (3.2.13)
      actionpack (= 3.2.13)
      mail (~> 2.5.3)
    actionpack (3.2.13)
      activemodel (= 3.2.13)
      activesupport (= 3.2.13)
      builder (~> 3.0.0)
      erubis (~> 2.7.0)
      journey (~> 1.0.4)
      rack (~> 1.4.5)
      rack-cache (~> 1.2)
      rack-test (~> 0.6.1)
      sprockets (~> 2.2.1)
    activeadmin (0.6.6)
      arbre (~> 1.0)
      bourbon (>= 1.0.0, < 4)
      devise (>= 1.5.4, < 4)
      formtastic (~> 2.0)
      inherited_resources (~> 1.3)
      jquery-rails (>= 1.0.0, < 3)
      kaminari (~> 0.13, != 0.15.0)
      meta_search (~> 1.0)
      rails (>= 3.0.0, < 4)
      sass (~> 3.1)
    activeadmin-mongoid (0.3.0)
      activeadmin (~> 0.6)
      jquery-rails (< 3.0)
      meta_search (~> 1.1.3)
      mongoid (> 3.0, < 5.0)
      sass-rails (>= 3.1.4, < 5.0)
    activemodel (3.2.13)
      activesupport (= 3.2.13)
      builder (~> 3.0.0)
    activerecord (3.2.13)
      activemodel (= 3.2.13)
      activesupport (= 3.2.13)
      arel (~> 3.0.2)
      tzinfo (~> 0.3.29)
    activeresource (3.2.13)
      activemodel (= 3.2.13)
      activesupport (= 3.2.13)
    activesupport (3.2.13)
      i18n (= 0.6.1)
      multi_json (~> 1.0)
    addressable (2.5.1)
      public_suffix (~> 2.0, >= 2.0.2)
    ansi (1.5.0)
    arbre (1.1.1)
      activesupport (>= 3.0.0)
    arel (3.0.3)
    bcrypt (3.1.11-x86-mingw32)
    bourbon (3.2.4)
      sass (~> 3.2)
      thor
    builder (3.0.4)
    cancan (1.6.10)
    carrierwave (0.11.2)
      activemodel (>= 3.2.0)
      activesupport (>= 3.2.0)
      json (>= 1.7)
      mime-types (>= 1.16)
      mimemagic (>= 0.3.0)
    carrierwave-mongoid (0.10.0)
      carrierwave (>= 0.8.0, < 0.12.0)
      mongoid (>= 3.0, < 7.0)
      mongoid-grid_fs (>= 1.3, < 3.0)
    coffee-rails (3.2.2)
      coffee-script (>= 2.2.0)
      railties (~> 3.2.0)
    coffee-script (2.4.1)
      coffee-script-source
      execjs
    coffee-script-source (1.12.2)
    devise (3.5.10)
      bcrypt (~> 3.0)
      orm_adapter (~> 0.1)
      railties (>= 3.2.6, < 5)
      responders
      thread_safe (~> 0.1)
      warden (~> 1.2.3)
    erubis (2.7.0)
    excon (0.56.0)
    execjs (2.7.0)
    fast-stemmer (1.0.2)
    formtastic (2.3.1)
      actionpack (>= 3.0)
    gmaps4rails (2.1.2)
    haml (4.0.7)
      tilt
    haml-rails (0.4)
      actionpack (>= 3.1, < 4.1)
      activesupport (>= 3.1, < 4.1)
      haml (>= 3.1, < 4.1)
      railties (>= 3.1, < 4.1)
    has_scope (0.6.0)
      actionpack (>= 3.2, < 5)
      activesupport (>= 3.2, < 5)
    heroku (3.99.1)
      heroku-api (= 0.4.2)
      launchy (= 2.4.3)
      multi_json (= 1.11.2)
      net-ssh (= 2.9.2)
      net-ssh-gateway (= 1.2.0)
      netrc (= 0.10.3)
      rest-client (= 1.6.8)
      rubyzip (= 1.1.7)
    heroku-api (0.4.2)
      excon (~> 0.45)
      multi_json (~> 1.8)
    hike (1.2.3)
    http_accept_language (2.1.0)
    i18n (0.6.1)
    inherited_resources (1.7.2)
      actionpack (>= 3.2, < 5.2.x)
      has_scope (~> 0.6)
      railties (>= 3.2, < 5.2.x)
      responders
    journey (1.0.4)
    jquery-rails (2.3.0)
      railties (>= 3.0, < 5.0)
      thor (>= 0.14, < 2.0)
    json (1.8.6)
    kaminari (0.17.0)
      actionpack (>= 3.0.0)
      activesupport (>= 3.0.0)
    launchy (2.4.3)
      addressable (~> 2.3)
    mail (2.5.4)
      mime-types (~> 1.16)
      treetop (~> 1.4.8)
    meta_search (1.1.3)
      actionpack (~> 3.1)
      activerecord (~> 3.1)
      activesupport (~> 3.1)
      polyamorous (~> 0.5.0)
    mime-types (1.25.1)
    mimemagic (0.3.2)
    mini_portile2 (2.2.0)
    minitest (4.7.5)
    mongoid (3.0.23)
      activemodel (~> 3.1)
      moped (~> 1.2)
      origin (~> 1.0)
      tzinfo (~> 0.3.22)
    mongoid-grid_fs (2.3.0)
      mime-types (>= 1.0, < 4.0)
      mongoid (>= 3.0, < 7.0)
    mongoid_search (0.3.2)
      fast-stemmer (~> 1.0.0)
      mongoid (>= 3.0.0)
    mongoid_spacial (0.2.16)
      activesupport (~> 3.0)
      mongoid (>= 2.3.0)
    mongoid_userstamp (0.4.0)
      mongoid (>= 3.0.4)
    moped (1.5.3)
    multi_json (1.11.2)
    net-ssh (2.9.2)
    net-ssh-gateway (1.2.0)
      net-ssh (>= 2.6.5)
    netrc (0.10.3)
    nokogiri (1.8.0-x86-mingw32)
      mini_portile2 (~> 2.2.0)
    origin (1.1.0)
    orm_adapter (0.5.0)
    polyamorous (0.5.0)
      activerecord (~> 3.0)
    polyglot (0.3.5)
    public_suffix (2.0.5)
    rack (1.4.7)
    rack-cache (1.7.0)
      rack (>= 0.4)
    rack-ssl (1.3.4)
      rack
    rack-test (0.6.3)
      rack (>= 1.0)
    rails (3.2.13)
      actionmailer (= 3.2.13)
      actionpack (= 3.2.13)
      activerecord (= 3.2.13)
      activeresource (= 3.2.13)
      activesupport (= 3.2.13)
      bundler (~> 1.0)
      railties (= 3.2.13)
    rails-i18n (3.0.1)
      i18n (~> 0.5)
      rails (>= 3.0.0, < 4.0.0)
    railties (3.2.13)
      actionpack (= 3.2.13)
      activesupport (= 3.2.13)
      rack-ssl (~> 1.3.2)
      rake (>= 0.8.7)
      rdoc (~> 3.4)
      thor (>= 0.14.6, < 2.0)
    rake (12.0.0)
    rdoc (3.12.2)
      json (~> 1.4)
    responders (1.1.2)
      railties (>= 3.2, < 4.2)
    rest-client (1.6.8)
      mime-types (~> 1.16)
      rdoc (>= 2.4.2)
    rubyzip (1.1.7)
    sass (3.4.24)
    sass-rails (3.2.6)
      railties (~> 3.2.0)
      sass (>= 3.1.10)
      tilt (~> 1.3)
    sprockets (2.2.3)
      hike (~> 1.2)
      multi_json (~> 1.0)
      rack (~> 1.0)
      tilt (~> 1.1, != 1.3.0)
    thor (0.19.4)
    thread_safe (0.3.6)
    tilt (1.4.1)
    translate-rails3 (0.4.0)
      ya2yaml (~> 0.30)
    treetop (1.4.15)
      polyglot
      polyglot (>= 0.3.1)
    turn (0.9.7)
      ansi
      minitest (~> 4)
    tzinfo (0.3.53)
    uglifier (3.2.0)
      execjs (>= 0.3.0, < 3)
    warden (1.2.7)
      rack (>= 1.0)
    ya2yaml (0.31)

PLATFORMS
  x86-mingw32

DEPENDENCIES
  activeadmin-mongoid
  cancan
  carrierwave-mongoid
  coffee-rails (~> 3.2.1)
  devise
  gmaps4rails
  haml-rails
  heroku
  http_accept_language
  jquery-rails
  mongoid (~> 3.0.0)
  mongoid_search
  mongoid_spacial
  mongoid_userstamp
  nokogiri
  rails (= 3.2.13)
  rails-i18n
  sass-rails (~> 3.2.3)
  translate-rails3
  turn
  uglifier (>= 1.0.3)

BUNDLED WITH
   1.13.6
